PATH
  remote: .
  specs:
    sidekiq-cloudwatchmetrics (1.1.0)
      aws-sdk-cloudwatch (~> 1.6)
      sidekiq (~> 6.0)

GEM
  remote: https://rubygems.org/
  specs:
    aws-eventstream (1.1.0)
    aws-partitions (1.335.0)
    aws-sdk-cloudwatch (1.40.0)
      aws-sdk-core (~> 3, >= 3.99.0)
      aws-sigv4 (~> 1.1)
    aws-sdk-core (3.102.1)
      aws-eventstream (~> 1, >= 1.0.2)
      aws-partitions (~> 1, >= 1.239.0)
      aws-sigv4 (~> 1.1)
      jmespath (~> 1.0)
    aws-sigv4 (1.2.1)
      aws-eventstream (~> 1, >= 1.0.2)
    connection_pool (2.2.3)
    diff-lcs (1.3)
    jmespath (1.4.0)
    rack (2.2.3)
    rack-protection (2.0.8.1)
      rack
    rake (10.5.0)
    redis (4.2.1)
    rspec (3.7.0)
      rspec-core (~> 3.7.0)
      rspec-expectations (~> 3.7.0)
      rspec-mocks (~> 3.7.0)
    rspec-core (3.7.0)
      rspec-support (~> 3.7.0)
    rspec-expectations (3.7.0)
      diff-lcs (>= 1.2.0, < 2.0)
      rspec-support (~> 3.7.0)
    rspec-mocks (3.7.0)
      diff-lcs (>= 1.2.0, < 2.0)
      rspec-support (~> 3.7.0)
    rspec-support (3.7.0)
    sidekiq (6.0.7)
      connection_pool (>= 2.2.2)
      rack (~> 2.0)
      rack-protection (>= 2.0.0)
      redis (>= 4.1.0)
    timecop (0.9.1)

PLATFORMS
  ruby

DEPENDENCIES
  bundler (~> 1.16)
  rake (~> 10.0)
  rspec (~> 3.7)
  sidekiq-cloudwatchmetrics!
  timecop (~> 0.9)

BUNDLED WITH
   1.17.3
